GEM
  specs:
    artoo (1.6.7)
      celluloid (~> 0.15.0)
      celluloid-io (~> 0.15.0)
      http (~> 0.5.0)
      multi_json (~> 1.6.0)
      pry (~> 0.9.0)
      rake
      reel (~> 0.4.0)
      robeaux (~> 0.0.4)
      thor (~> 0.18.1)
    artoo-ardrone (1.4.0)
      artoo (>= 1.6.0)
      hybridgroup-argus (>= 0.5.0)
    celluloid (0.15.2)
      timers (~> 1.1.0)
    celluloid-io (0.15.0)
      celluloid (>= 0.15.0)
      nio4r (>= 0.5.0)
    coderay (1.1.0)
    haml (4.0.5)
      tilt
    http (0.5.1)
      http_parser.rb
    http_parser.rb (0.6.0)
    httparty (0.13.1)
      json (~> 1.8)
      multi_xml (>= 0.5.2)
    hybridgroup-argus (0.5.1)
    json (1.8.1)
    method_source (0.8.2)
    multi_json (1.6.1)
    multi_xml (0.5.5)
    nio4r (1.0.0)
    pry (0.9.12.6)
      coderay (~> 1.0)
      method_source (~> 0.8)
      slop (~> 3.4)
    rack (1.5.2)
    rack-protection (1.5.3)
      rack
    rake (10.3.2)
    reel (0.4.0)
      celluloid (>= 0.15.1)
      celluloid-io (>= 0.15.0)
      http (>= 0.5.0)
      http_parser.rb (>= 0.6.0.beta.2)
      websocket_parser (>= 0.1.4)
    robeaux (0.0.4)
    shotgun (0.9)
      rack (>= 1.0)
    sinatra (1.4.5)
      rack (~> 1.4)
      rack-protection (~> 1.4)
      tilt (~> 1.3, >= 1.3.4)
    slop (3.6.0)
    thor (0.18.1)
    tilt (1.4.1)
    timers (1.1.0)
    websocket_parser (0.1.6)

PLATFORMS
  ruby

DEPENDENCIES
  artoo
  artoo-ardrone
  haml
  httparty
  pry
  shotgun
  sinatra
